PATH
  remote: .
  specs:
    doppler (0.1.0)

GEM
  remote: https://rubygems.org/
  specs:
    hitimes (1.3.0)
    minitest (5.11.3)
    rake (13.0.1)

PLATFORMS
  ruby

DEPENDENCIES
  bundler (~> 1.16)
  doppler!
  hitimes (~> 1.3)
  minitest (~> 5.0)
  rake (~> 13.0)

BUNDLED WITH
   1.16.5
